PATH
  remote: .
  specs:
    encryptable (0.0.1)

GEM
  remote: https://rubygems.org/
  specs:
    minitest (5.14.2)
    rake (13.0.3)

PLATFORMS
  arm64-darwin-20

DEPENDENCIES
  encryptable!
  minitest (~> 5.0)
  rake (~> 13.0)

BUNDLED WITH
   2.1.4
